GEM
  remote: https://rubygems.org/
  specs:
    RedCloth (4.2.9)
    actionmailer (4.0.1)
      actionpack (= 4.0.1)
      mail (~> 2.5.4)
    actionpack (4.0.1)
      activesupport (= 4.0.1)
      builder (~> 3.1.0)
      erubis (~> 2.7.0)
      rack (~> 1.5.2)
      rack-test (~> 0.6.2)
    activemodel (4.0.1)
      activesupport (= 4.0.1)
      builder (~> 3.1.0)
    activerecord (4.0.1)
      activemodel (= 4.0.1)
      activerecord-deprecated_finders (~> 1.0.2)
      activesupport (= 4.0.1)
      arel (~> 4.0.0)
    activerecord-deprecated_finders (1.0.3)
    activesupport (4.0.1)
      i18n (~> 0.6, >= 0.6.4)
      minitest (~> 4.2)
      multi_json (~> 1.3)
      thread_safe (~> 0.1)
      tzinfo (~> 0.3.37)
    addressable (2.3.5)
    arel (4.0.1)
    atomic (1.1.14)
    builder (3.1.4)
    chunky_png (1.2.5)
    classifier (1.3.3)
      fast-stemmer (>= 1.0.0)
    coffee-rails (4.0.1)
      coffee-script (>= 2.2.0)
      railties (>= 4.0.0, < 5.0)
    coffee-script (2.2.0)
      coffee-script-source
      execjs
    coffee-script-source (1.6.3)
    compass (0.12.2)
      chunky_png (~> 1.2)
      fssm (>= 0.2.7)
      sass (~> 3.1)
    directory_watcher (1.4.1)
    erubis (2.7.0)
    excon (0.25.3)
    execjs (2.0.2)
    fast-stemmer (1.0.1)
    fssm (0.2.9)
    haml (3.1.7)
    heroku (3.1.0)
      heroku-api (~> 0.3.7)
      launchy (>= 0.3.2)
      netrc (~> 0.7.7)
      rest-client (~> 1.6.1)
      rubyzip
    heroku-api (0.3.15)
      excon (~> 0.25.1)
    hike (1.2.3)
    i18n (0.6.5)
    jbuilder (1.5.2)
      activesupport (>= 3.0.0)
      multi_json (>= 1.2.0)
    jekyll (0.12.0)
      classifier (~> 1.3)
      directory_watcher (~> 1.1)
      kramdown (~> 0.13.4)
      liquid (~> 2.3)
      maruku (~> 0.5)
      pygments.rb (~> 0.3.2)
    jquery-rails (3.0.4)
      railties (>= 3.0, < 5.0)
      thor (>= 0.14, < 2.0)
    json (1.8.1)
    kramdown (0.13.8)
    launchy (2.4.2)
      addressable (~> 2.3)
    liquid (2.3.0)
    mail (2.5.4)
      mime-types (~> 1.16)
      treetop (~> 1.4.8)
    maruku (0.6.1)
      syntax (>= 1.0.0)
    mime-types (1.25.1)
    minitest (4.7.5)
    multi_json (1.8.2)
    netrc (0.7.7)
    pg (0.17.0)
    polyglot (0.3.3)
    posix-spawn (0.3.6)
    pygments.rb (0.3.4)
      posix-spawn (~> 0.3.6)
      yajl-ruby (~> 1.1.0)
    rack (1.5.2)
    rack-protection (1.5.0)
      rack
    rack-test (0.6.2)
      rack (>= 1.0)
    rails (4.0.1)
      actionmailer (= 4.0.1)
      actionpack (= 4.0.1)
      activerecord (= 4.0.1)
      activesupport (= 4.0.1)
      bundler (>= 1.3.0, < 2.0)
      railties (= 4.0.1)
      sprockets-rails (~> 2.0.0)
    rails_12factor (0.0.2)
      rails_serve_static_assets
      rails_stdout_logging
    rails_serve_static_assets (0.0.1)
    rails_stdout_logging (0.0.3)
    railties (4.0.1)
      actionpack (= 4.0.1)
      activesupport (= 4.0.1)
      rake (>= 0.8.7)
      thor (>= 0.18.1, < 2.0)
    rake (0.9.2.2)
    rb-fsevent (0.9.1)
    rdiscount (2.0.7.3)
    rest-client (1.6.7)
      mime-types (>= 1.16)
    rubypants (0.2.0)
    rubyzip (1.1.0)
    sass (3.2.9)
    sass-globbing (1.0.0)
      sass (>= 3.1)
    sass-rails (4.0.1)
      railties (>= 4.0.0, < 5.0)
      sass (>= 3.1.10)
      sprockets-rails (~> 2.0.0)
    sinatra (1.4.2)
      rack (~> 1.5, >= 1.5.2)
      rack-protection (~> 1.4)
      tilt (~> 1.3, >= 1.3.4)
    sprockets (2.10.1)
      hike (~> 1.2)
      multi_json (~> 1.0)
      rack (~> 1.0)
      tilt (~> 1.1, != 1.3.0)
    sprockets-rails (2.0.1)
      actionpack (>= 3.0)
      activesupport (>= 3.0)
      sprockets (~> 2.8)
    stringex (1.4.0)
    syntax (1.0.0)
    thor (0.18.1)
    thread_safe (0.1.3)
      atomic
    tilt (1.3.7)
    treetop (1.4.15)
      polyglot
      polyglot (>= 0.3.1)
    turbolinks (1.3.1)
      coffee-rails
    tzinfo (0.3.38)
    uglifier (2.3.1)
      execjs (>= 0.3.0)
      json (>= 1.8.0)
    yajl-ruby (1.1.0)

PLATFORMS
  ruby

DEPENDENCIES
  RedCloth (~> 4.2.9)
  coffee-rails (~> 4.0.0)
  compass (~> 0.12.2)
  directory_watcher (= 1.4.1)
  haml (~> 3.1.7)
  heroku
  jbuilder (~> 1.2)
  jekyll (~> 0.12)
  jquery-rails
  liquid (~> 2.3.0)
  pg
  pygments.rb (~> 0.3.4)
  rails (= 4.0.1)
  rails_12factor
  rake (~> 0.9)
  rb-fsevent (~> 0.9)
  rdiscount (~> 2.0.7)
  rubypants (~> 0.2.0)
  sass (~> 3.2)
  sass-globbing (~> 1.0.0)
  sass-rails (~> 4.0.0)
  sinatra (~> 1.4.2)
  stringex (~> 1.4.0)
  turbolinks
  uglifier (>= 1.3.0)
